PATH
  remote: .
  specs:
    localized_fields (0.0.1)

GEM
  remote: https://rubygems.org/
  specs:

PLATFORMS
  ruby

DEPENDENCIES
  localized_fields!
